GEM
  remote: http://rubygems.org/
  specs:
    builder (3.0.0)
    minitest (3.1.0)
    nokogiri (1.5.4)
    yard (0.8.2.1)

PLATFORMS
  ruby

DEPENDENCIES
  builder (~> 3.0)
  bundler (~> 1.0)
  minitest (~> 3.0)
  nokogiri (~> 1.5)
  yard (~> 0.8)
