GEM
  remote: http://rubygems.org/
  specs:
    builder (3.0.0)
    minitest (3.1.0)
    nokogiri (1.5.4)
    reek (1.2.12)
      ripper_ruby_parser (~> 0.0.7)
      ruby2ruby (~> 1.2.5)
      ruby_parser (~> 2.0)
      sexp_processor (~> 3.0)
    ripper_ruby_parser (0.0.7)
      sexp_processor (~> 3.0)
    ruby2ruby (1.2.5)
      ruby_parser (~> 2.0)
      sexp_processor (~> 3.0)
    ruby_parser (2.3.1)
      sexp_processor (~> 3.0)
    sexp_processor (3.2.0)

PLATFORMS
  ruby

DEPENDENCIES
  builder (~> 3.0)
  minitest (~> 3.0)
  nokogiri (~> 1.5)
  reek (~> 1.2)
