PATH
  remote: .
  specs:
    garnet (0.5.0)
      builder (~> 3.0)

GEM
  remote: http://rubygems.org/
  specs:
    builder (3.0.0)
    columnize (0.3.6)
    debugger (1.1.4)
      columnize (>= 0.3.1)
      debugger-linecache (~> 1.1.1)
      debugger-ruby_core_source (~> 1.1.3)
    debugger-linecache (1.1.2)
      debugger-ruby_core_source (>= 1.1.1)
    debugger-ruby_core_source (1.1.3)
    lifted (0.0.1)
    minitest (3.2.0)
    nokogiri (1.5.5)
    rake (0.9.2.2)
    yard (0.8.2.1)

PLATFORMS
  ruby

DEPENDENCIES
  bundler (~> 1.0)
  debugger
  garnet!
  lifted (~> 0.0)
  minitest (~> 3.0)
  nokogiri (~> 1.5)
  rake (~> 0.9)
  yard (~> 0.8)
