PATH
  remote: .
  specs:
    garnet (0.5.0)
      builder (~> 3.0)

GEM
  remote: http://rubygems.org/
  specs:
    builder (3.0.0)
    minitest (3.1.0)
    nokogiri (1.5.4)
    rake (0.9.2.2)
    yard (0.8.2.1)

PLATFORMS
  ruby

DEPENDENCIES
  bundler (~> 1.0)
  garnet!
  minitest (~> 3.0)
  nokogiri (~> 1.5)
  rake (~> 0.9)
  yard (~> 0.8)
